GEM
  remote: http://rubygems.org/
  specs:
    diff-lcs (1.1.3)
    innate (2011.12)
      rack (~> 1.4.0)
    json (1.6.1)
    multi_json (1.0.4)
    net-ssh (2.3.0)
    rack (1.4.1)
    rack-accept (0.4.4)
      rack (>= 0.4)
    rake (0.9.2.2)
    ramaze (2011.12.28)
      innate (>= 2011.12)
    rdoc (3.9.4)
    rspec (2.6.0)
      rspec-core (~> 2.6.0)
      rspec-expectations (~> 2.6.0)
      rspec-mocks (~> 2.6.0)
    rspec-core (2.6.4)
    rspec-expectations (2.6.0)
      diff-lcs (~> 1.1.2)
    rspec-mocks (2.6.0)
    sequel (3.32.0)
    simplecov (0.5.4)
      multi_json (~> 1.0.3)
      simplecov-html (~> 0.5.3)
    simplecov-html (0.5.3)
    sqlite3 (1.3.5)

PLATFORMS
  ruby

DEPENDENCIES
  bundler
  json
  net-ssh
  rack-accept
  rake
  ramaze
  rdoc
  rspec
  sequel
  simplecov
  sqlite3
