GEM
  remote: http://rubygems.org/
  specs:
    builder (3.0.0)
    cucumber (1.1.9)
      builder (>= 2.1.2)
      diff-lcs (>= 1.1.2)
      gherkin (~> 2.9.0)
      json (>= 1.4.6)
      term-ansicolor (>= 1.0.6)
    diff-lcs (1.1.3)
    gherkin (2.9.0)
      json (>= 1.4.6)
    hashie (1.2.0)
    innate (2011.12)
      rack (~> 1.4.0)
    json (1.6.1)
    multi_json (1.0.4)
    net-ldap (0.2.2)
    net-ssh (2.3.0)
    omniauth (1.0.2)
      hashie (~> 1.2)
      rack
    omniauth-ldap (1.0.2)
      net-ldap (~> 0.2.2)
      omniauth (~> 1.0)
      pyu-ruby-sasl (~> 0.0.3.1)
      rubyntlm (~> 0.1.1)
    pyu-ruby-sasl (0.0.3.3)
    rack (1.4.1)
    rack-accept (0.4.4)
      rack (>= 0.4)
    rack-test (0.6.1)
      rack (>= 1.0)
    rake (0.9.2.2)
    ramaze (2011.12.28)
      innate (>= 2011.12)
    rdoc (3.9.4)
    rspec (2.6.0)
      rspec-core (~> 2.6.0)
      rspec-expectations (~> 2.6.0)
      rspec-mocks (~> 2.6.0)
    rspec-core (2.6.4)
    rspec-expectations (2.6.0)
      diff-lcs (~> 1.1.2)
    rspec-mocks (2.6.0)
    rubyntlm (0.1.1)
    sequel (3.32.0)
    simplecov (0.5.4)
      multi_json (~> 1.0.3)
      simplecov-html (~> 0.5.3)
    simplecov-html (0.5.3)
    sqlite3 (1.3.5)
    term-ansicolor (1.0.7)

PLATFORMS
  ruby

DEPENDENCIES
  bundler
  cucumber
  json
  net-ssh
  omniauth
  omniauth-ldap
  rack-accept
  rack-test
  rake
  ramaze
  rdoc
  rspec
  sequel
  simplecov
  sqlite3
